GEM
  remote: https://rubygems.org/
  specs:
    date (3.3.3)
    fileutils (1.7.0)
    nokogiri (1.14.0-aarch64-linux)
      racc (~> 1.4)
    open-uri (0.3.0)
      stringio
      time
      uri
    racc (1.6.2)
    stringio (3.0.4)
    time (0.2.1)
      date
    uri (0.12.0)

PLATFORMS
  aarch64-linux

DEPENDENCIES
  fileutils
  nokogiri
  open-uri

BUNDLED WITH
   2.4.3
